GEM
  remote: https://rubygems.org/
  specs:
    rake (10.5.0)
    sass (3.4.22)
    scss_lint (0.44.0)
      rake (~> 10.0)
      sass (~> 3.4.15)
    scss_lint_reporter_checkstyle (0.2.0)

PLATFORMS
  ruby

DEPENDENCIES
  scss_lint (~> 0.44.0)
  scss_lint_reporter_checkstyle (~> 0.2.0)

BUNDLED WITH
   1.12.5
